GEM
  remote: http://rubygems.org/
  remote: http://gems.int.cozy.co/
  specs:
    activesupport (4.1.7)
      i18n (~> 0.6, >= 0.6.9)
      json (~> 1.7, >= 1.7.7)
      minitest (~> 5.1)
      thread_safe (~> 0.1)
      tzinfo (~> 1.1)
    addressable (2.3.6)
    amq-protocol (1.9.2)
    atomic (1.1.16)
    avl_tree (1.2.0)
    aws-s3 (0.6.3)
      builder
      mime-types
      xml-simple
    aws-sdk-core (2.0.6)
      builder (~> 3.0)
      jmespath (~> 1.0)
      multi_json (~> 1.0)
      multi_xml (~> 0.5)
    axiom-types (0.1.1)
      descendants_tracker (~> 0.0.4)
      ice_nine (~> 0.11.0)
      thread_safe (~> 0.3, >= 0.3.1)
    bcrypt (3.1.9)
    builder (3.2.2)
    bunny (1.5.1)
      amq-protocol (>= 1.9.2)
    celluloid (0.15.2)
      timers (~> 1.1.0)
    coercible (1.0.0)
      descendants_tracker (~> 0.0.1)
    configurability (2.2.1)
      loggability (~> 0.11)
    connection_pool (2.0.0)
    cozy (0.3.10.279)
      aws-s3
      bcrypt
      configurability
      customerio
      dante
      erubis
      eventmachine
      hpricot
      json
      liquid
      loggability
      logging
      mail
      metriks
      monetize (~> 0.3)
      nokogiri
      premailer
      redis
      redis_object (= 1.4.7)
      rufus-scheduler (= 2.0.24)
      sentry-raven (~> 0.9.4)
      sidekiq
      sidekiq-unique-jobs
      slack-post
      stripe
      typhoeus
      yajl-ruby
    cozy-async_jobs (0.4.1.38)
      activesupport (~> 4.1)
      cozy-base (~> 0.5)
      cozy-postgres (~> 0.2)
      rest-client (~> 1.6)
      symphony (~> 0.8)
      symphony-metronome (~> 0.1)
    cozy-base (0.5.9.46)
      aws-sdk-core
      bunny (~> 1.1)
      configurability (~> 2.2, >= 2.2.1)
      cozy (~> 0.2)
      deprecated (~> 3.0)
      gli (~> 2.8)
      highline (~> 1.6)
      i18n (~> 0.6)
      linguistics (~> 2.0)
      loggability (~> 0.11)
      pluggability (~> 0.4)
      rmagick (~> 2.13)
      sentry-raven (~> 0.9)
      stripe (~> 1.11)
      uuid (~> 2.3)
      yajl-ruby (~> 1.2)
    cozy-postgres (0.7.2.41)
      cozy-base (~> 0.3)
      monetize (~> 0.3)
      money (~> 6.1)
      pg (~> 0.17)
      protector (~> 0.7)
      sequel (~> 4.13)
      sequel_pg (~> 1.6)
    cozy-properties (0.3.10.29)
      cozy-async_jobs (~> 0.1)
      cozy-postgres (~> 0.2)
      cozy-users (~> 0.1)
    cozy-service (0.5.0.31)
      cozy-async_jobs (~> 0.3)
      cozy-base (~> 0.4)
      cozy-users (~> 0.4)
      grape (~> 0.8)
      grape-entity (~> 0.3)
      grape-swagger (~> 0.8)
      metriks-middleware (~> 2.1)
      rack-attack (~> 2.3)
      rack-contrib (~> 1.1)
      rack-cors (~> 0.2)
      rack-protection (~> 1.5)
      rack-session-sequel (~> 0.0)
      rack_csrf (~> 2.4)
      redcarpet (~> 3.1)
      rouge (~> 1.6)
      rusage (~> 0.2)
      sequel (~> 4.7)
      unicorn (~> 4.8)
      warden (~> 1.2)
      yajl-ruby (~> 1.2)
    cozy-users (0.8.14.145)
      bcrypt (~> 3.1)
      cozy-async_jobs (~> 0.2)
      cozy-base (~> 0.4)
      cozy-postgres (~> 0.5)
      faker (~> 1.3)
      geokit (~> 1.8, >= 1.8.5)
    cozy-users_service (0.5.1.31)
      cozy-base (~> 0.2)
      cozy-properties (~> 0.1)
      cozy-service (~> 0.1)
      cozy-users (~> 0.7)
    css_parser (1.3.5)
      addressable
    customerio (0.5.1)
      httparty (>= 0.5, < 1.0)
    dante (0.2.0)
    deprecated (3.0.1)
    descendants_tracker (0.0.4)
      thread_safe (~> 0.3, >= 0.3.1)
    equalizer (0.0.9)
    erubis (2.7.0)
    ethon (0.7.1)
      ffi (>= 1.3.0)
    eventmachine (1.0.3)
    faker (1.4.3)
      i18n (~> 0.5)
    faraday (0.9.0)
      multipart-post (>= 1.2, < 3)
    ffi (1.9.6)
    geokit (1.9.0)
      multi_json (>= 1.3.2)
    gli (2.12.2)
    grape (0.9.0)
      activesupport
      builder
      hashie (>= 2.1.0)
      multi_json (>= 1.3.2)
      multi_xml (>= 0.5.2)
      rack (>= 1.3.0)
      rack-accept
      rack-mount
      virtus (>= 1.0.0)
    grape-entity (0.4.4)
      activesupport
      multi_json (>= 1.3.2)
    grape-swagger (0.8.0)
      grape
      grape-entity
    hashie (3.3.1)
    highline (1.6.21)
    hitimes (1.2.2)
    hpricot (0.8.6)
    htmlentities (4.3.2)
    httparty (0.13.1)
      json (~> 1.8)
      multi_xml (>= 0.5.2)
    i18n (0.6.11)
    ice_nine (0.11.0)
    jmespath (1.0.1)
      multi_json (~> 1.0)
    json (1.8.1)
    kgio (2.9.2)
    linguistics (2.0.3)
      loggability (~> 0.7)
    liquid (2.6.1)
    little-plugger (1.1.3)
    loggability (0.11.0)
    logging (1.8.2)
      little-plugger (>= 1.1.3)
      multi_json (>= 1.8.4)
    macaddr (1.7.1)
      systemu (~> 2.6.2)
    mail (2.6.1)
      mime-types (>= 1.16, < 3)
    metriks (0.9.9.7)
      atomic (~> 1.0)
      avl_tree (~> 1.2.0)
      hitimes (~> 1.1)
    metriks-middleware (2.1.1)
      metriks (~> 0.9.9)
    mime-types (2.4.3)
    mini_portile (0.6.0)
    minitest (5.4.2)
    mock_redis (0.13.2)
    monetize (0.4.1)
      money (~> 6.2.1)
    money (6.2.1)
      i18n (>= 0.6.4, <= 0.7.0.dev)
    msgpack (0.5.9)
    multi_json (1.10.1)
    multi_xml (0.5.5)
    multipart-post (2.0.0)
    netrc (0.8.0)
    nokogiri (1.6.3.1)
      mini_portile (= 0.6.0)
    pg (0.17.1)
    pluggability (0.4.0)
      loggability (~> 0.7)
    premailer (1.8.2)
      css_parser (>= 1.3.5)
      htmlentities (>= 4.0.0)
    protector (0.7.7)
      activesupport
      i18n
    psych (2.0.6)
    rack (1.5.2)
    rack-accept (0.4.5)
      rack (>= 0.4)
    rack-attack (2.3.0)
      rack
    rack-contrib (1.1.0)
      rack (>= 0.9.1)
    rack-cors (0.2.9)
    rack-mount (0.8.3)
      rack (>= 1.0.0)
    rack-protection (1.5.3)
      rack
    rack-session-sequel (0.0.1)
      rack
      sequel
    rack_csrf (2.5.0)
      rack (>= 1.1.0)
    raindrops (0.13.0)
    redcarpet (3.2.0)
    redis (3.1.0)
    redis-namespace (1.5.1)
      redis (~> 3.0, >= 3.0.4)
    redis_object (1.4.7)
      activesupport (>= 3.2.13)
      psych (>= 1.3.4)
      redis (>= 3.0.4)
      utf8_utils (>= 2.0.1)
      yajl-ruby (>= 1.1.0)
    rest-client (1.7.2)
      mime-types (>= 1.16, < 3.0)
      netrc (~> 0.7)
    rmagick (2.13.3)
    rouge (1.7.2)
    rufus-scheduler (2.0.24)
      tzinfo (>= 0.3.22)
    rusage (0.2.0)
    sentry-raven (0.9.4)
      faraday (>= 0.7.6)
      hashie (>= 1.1.0)
      uuidtools
    sequel (4.15.0)
    sequel_pg (1.6.10)
      pg (>= 0.8.0)
      sequel (>= 3.39.0)
    sidekiq (3.2.6)
      celluloid (= 0.15.2)
      connection_pool (>= 2.0.0)
      json
      redis (>= 3.0.6)
      redis-namespace (>= 1.3.1)
    sidekiq-unique-jobs (3.0.2)
      mock_redis
      sidekiq (>= 2.6)
    slack-post (0.2.0)
      yajl-ruby
    sqlite3 (1.3.9)
    stripe (1.16.0)
      json (~> 1.8.1)
      mime-types (>= 1.25, < 3.0)
      rest-client (~> 1.4)
    symphony (0.8.0)
      bunny (~> 1.1)
      configurability (~> 2.1)
      loggability (~> 0.10)
      metriks (~> 0.9)
      msgpack (~> 0.5)
      pluggability (~> 0.4)
      rusage (~> 0.2)
      sysexits (~> 1.1)
      yajl-ruby (~> 1.2)
    symphony-metronome (0.1.0)
      sequel (~> 4)
      sqlite3 (~> 1.3)
      symphony (~> 0.6)
    sysexits (1.2.0)
    systemu (2.6.4)
    thread_safe (0.3.4)
    timers (1.1.0)
    typhoeus (0.6.9)
      ethon (>= 0.7.1)
    tzinfo (1.2.2)
      thread_safe (~> 0.1)
    unicorn (4.8.3)
      kgio (~> 2.6)
      rack
      raindrops (~> 0.7)
    utf8_utils (2.0.1)
    uuid (2.3.7)
      macaddr (~> 1.0)
    uuidtools (2.1.5)
    virtus (1.0.3)
      axiom-types (~> 0.1)
      coercible (~> 1.0)
      descendants_tracker (~> 0.0, >= 0.0.3)
      equalizer (~> 0.0, >= 0.0.9)
    warden (1.2.3)
      rack (>= 1.0)
    xml-simple (1.1.4)
    yajl-ruby (1.2.1)

PLATFORMS
  ruby

DEPENDENCIES
  cozy-users_service (= 0.5.1.31)
